PATH
  remote: .
  specs:
    activerecord-i18n (0.0.1)
      activerecord (>= 2.3.8)

GEM
  remote: http://rubygems.org/
  specs:
    activerecord (2.3.8)
      activesupport (= 2.3.8)
    activesupport (2.3.8)
    appraisal (0.3.8)
      bundler
      rake
    diff-lcs (1.1.3)
    growl (1.0.3)
    guard (0.6.3)
      thor (~> 0.14.6)
    guard-bundler (0.1.3)
      bundler (>= 1.0.0)
      guard (>= 0.2.2)
    guard-rspec (0.4.5)
      guard (>= 0.4.0)
    rake (0.8.7)
    rb-fsevent (0.4.3.1)
    rspec (2.6.0)
      rspec-core (~> 2.6.0)
      rspec-expectations (~> 2.6.0)
      rspec-mocks (~> 2.6.0)
    rspec-core (2.6.4)
    rspec-expectations (2.6.0)
      diff-lcs (~> 1.1.2)
    rspec-mocks (2.6.0)
    sqlite3 (1.3.4)
    thor (0.14.6)

PLATFORMS
  ruby

DEPENDENCIES
  activerecord-i18n!
  appraisal
  growl
  guard-bundler
  guard-rspec
  rake (= 0.8.7)
  rb-fsevent
  rspec
  sqlite3
